GEM
  remote: https://rubygems.org/
  specs:
    rack (2.0.5)
    rulers (0.0.1)
      rack

PLATFORMS
  ruby

DEPENDENCIES
  rulers

BUNDLED WITH
   1.16.2
